GEM
  remote: https://rubygems.org/
  specs:
    backports (3.15.0)
    digest-sha3 (1.1.0)
    eth (0.4.10)
      digest-sha3 (~> 1.1)
      ffi (~> 1.0)
      money-tree (~> 0.10.0)
      rlp (~> 0.7.3)
      scrypt (~> 3.0.6)
    ffi (1.11.1)
    ffi-compiler (1.0.1)
      ffi (>= 1.0.0)
      rake
    haml (5.1.1)
      temple (>= 0.8.0)
      tilt
    httparty (0.17.0)
      mime-types (~> 3.0)
      multi_xml (>= 0.5.2)
    mime-types (3.2.2)
      mime-types-data (~> 3.2015)
    mime-types-data (3.2019.0331)
    money-tree (0.10.0)
      ffi
    multi_json (1.13.1)
    multi_xml (0.6.0)
    mustermann (1.0.3)
    mysql2 (0.5.2)
    rack (2.2.3.1)
    rack-protection (2.0.5)
      rack
    rake (13.0.1)
    rlp (0.7.3)
    scrypt (3.0.6)
      ffi-compiler (>= 1.0, < 2.0)
    sequel (5.21.0)
    sinatra (2.0.5)
      mustermann (~> 1.0)
      rack (~> 2.0)
      rack-protection (= 2.0.5)
      tilt (~> 2.0)
    sinatra-contrib (2.0.5)
      backports (>= 2.8.2)
      multi_json
      mustermann (~> 1.0)
      rack-protection (= 2.0.5)
      sinatra (= 2.0.5)
      tilt (>= 1.3, < 3)
    temple (0.8.1)
    tilt (2.0.9)

PLATFORMS
  ruby

DEPENDENCIES
  eth
  haml
  httparty
  mysql2
  sequel
  sinatra
  sinatra-contrib

BUNDLED WITH
   2.0.2
